GIT
  remote: git://github.com/babrovka/spree_commentable
  revision: 99cb9fedd507350dcfb91c59d7c772577f609c7a
  specs:
    spree_commentable (1.0.0)
      spree_core (~> 1.1.3)

GIT
  remote: git://github.com/citrus/spree_essential_blog.git
  revision: b7c7cc5d9b2a3924c98789aa864c60fc0c70e930
  specs:
    spree_essential_blog (0.1.0)
      acts-as-taggable-on (~> 2.2.0)
      spree_essentials (~> 0.5.0)

GIT
  remote: git://github.com/citrus/spree_essential_cms.git
  revision: 31c229ad22908172fdd1ae38d95cc8a3e9aae8d9
  specs:
    spree_essential_cms (0.4.0)
      spree_essentials (~> 0.5.0)

GIT
  remote: git://github.com/pirj/spree_essential_menus.git
  revision: 116cb33162c2cdeafd8a8fc02952e8738162aeb2
  specs:
    spree_essential_menus (0.2.5)
      acts_as_tree (~> 1.1.0)
      coffee-rails
      haml
      spree_essentials (~> 0.5.0)

GIT
  remote: git://github.com/pirj/synergy.git
  revision: 56ec7919266104c6df1c18c8ef0994315a78ee88
  specs:
    synergy (1.1.0)
      ru_propisju
      russian (~> 0.6.0)
      spree (~> 1.0)

GIT
  remote: git://github.com/priviterag/spree_slider.git
  revision: 4f2c9e74e47e26b4f1fe67a59288d2cd45ccd13b
  specs:
    spree_slider (1.2.0)
      spree_core (>= 1.1.0)

GIT
  remote: git://github.com/spree/spree_i18n.git
  revision: b50cce89f8452c4c4903bda008dff587a1300744
  specs:
    spree_i18n (1.0.0)
      i18n (~> 0.6)
      spree

GIT
  remote: git://github.com/spree/spree_related_products.git
  revision: b9edef26cc2349d37c5e79d40d83325fe8241e04
  branch: 1-1-stable
  specs:
    spree_related_products (3.2)
      spree_core (~> 1.1.0)
      spree_promo (~> 1.1.0)

GIT
  remote: https://github.com/haml/haml.git
  revision: 8c69f998172677220eebcbadfd288b0e6bf06ef4
  branch: 3-2-stable
  specs:
    haml (3.2.0.rc.3)
      tilt

GEM
  remote: https://rubygems.org/
  specs:
    actionmailer (3.2.12)
      actionpack (= 3.2.12)
      mail (~> 2.4.4)
    actionpack (3.2.12)
      activemodel (= 3.2.12)
      activesupport (= 3.2.12)
      builder (~> 3.0.0)
      erubis (~> 2.7.0)
      journey (~> 1.0.4)
      rack (~> 1.4.5)
      rack-cache (~> 1.2)
      rack-test (~> 0.6.1)
      sprockets (~> 2.2.1)
    active_utils (1.0.5)
      activesupport (>= 2.3.11)
      i18n
    activemerchant (1.28.0)
      active_utils (>= 1.0.2)
      activesupport (>= 2.3.11)
      builder (>= 2.0.0)
      i18n
      json (>= 1.5.1)
      money
      nokogiri
    activemodel (3.2.12)
      activesupport (= 3.2.12)
      builder (~> 3.0.0)
    activerecord (3.2.12)
      activemodel (= 3.2.12)
      activesupport (= 3.2.12)
      arel (~> 3.0.2)
      tzinfo (~> 0.3.29)
    activeresource (3.2.12)
      activemodel (= 3.2.12)
      activesupport (= 3.2.12)
    activesupport (3.2.12)
      i18n (~> 0.6)
      multi_json (~> 1.0)
    acts-as-taggable-on (2.2.2)
      rails (~> 3.0)
    acts_as_list (0.1.4)
    acts_as_tree (1.1.0)
      activerecord (>= 3.0.0)
    arel (3.0.2)
    aws-sdk (1.3.9)
      httparty (~> 0.7)
      json (~> 1.4)
      nokogiri (>= 1.4.4)
      uuidtools (~> 2.1)
    bcrypt-ruby (3.0.1)
    builder (3.0.4)
    cancan (1.6.7)
    capistrano (2.13.5)
      highline
      net-scp (>= 1.0.0)
      net-sftp (>= 2.0.0)
      net-ssh (>= 2.0.14)
      net-ssh-gateway (>= 1.1.0)
    choice (0.1.6)
    climate_control (0.0.3)
      activesupport (>= 3.0)
    cocaine (0.5.1)
      climate_control (>= 0.0.3, < 1.0)
    coderay (1.0.9)
    coffee-rails (3.2.2)
      coffee-script (>= 2.2.0)
      railties (~> 3.2.0)
    coffee-script (2.2.0)
      coffee-script-source
      execjs
    coffee-script-source (1.4.0)
    daemons (1.1.9)
    deface (0.9.1)
      nokogiri (~> 1.5.0)
      rails (~> 3.1)
    devise (2.0.5)
      bcrypt-ruby (~> 3.0)
      orm_adapter (~> 0.0.3)
      railties (~> 3.1)
      warden (~> 1.1.1)
    erubis (2.7.0)
    eventmachine (1.0.0)
    execjs (1.4.0)
      multi_json (~> 1.0)
    faraday (0.8.5)
      multipart-post (~> 1.1)
    ffaker (1.12.1)
    google-spreadsheet-ruby (0.3.1)
      google_drive (>= 0.3.0)
    google_drive (0.3.3)
      nokogiri (>= 1.4.4, != 1.5.2, != 1.5.1)
      oauth (>= 0.3.6)
      oauth2 (>= 0.5.0)
    highline (1.6.11)
    hike (1.2.1)
    httparty (0.8.3)
      multi_json (~> 1.0)
      multi_xml
    httpauth (0.2.0)
    i18n (0.6.4)
    journey (1.0.4)
    jquery-rails (2.0.3)
      railties (>= 3.1.0, < 5.0)
      thor (~> 0.14)
    json (1.7.7)
    jwt (0.1.5)
      multi_json (>= 1.0)
    kaminari (0.13.0)
      actionpack (>= 3.0.0)
      activesupport (>= 3.0.0)
      railties (>= 3.0.0)
    kgio (2.7.4)
    libv8 (3.11.8.13)
    log4r (1.1.10)
    mail (2.4.4)
      i18n (>= 0.4.0)
      mime-types (~> 1.16)
      treetop (~> 1.4.8)
    method_source (0.8.1)
    mime-types (1.21)
    money (5.0.0)
      i18n (~> 0.4)
      json
    multi_json (1.7.1)
    multi_xml (0.5.3)
    multipart-post (1.1.5)
    nested_set (1.7.0)
      activerecord (>= 3.0.0)
      railties (>= 3.0.0)
    net-scp (1.0.4)
      net-ssh (>= 1.99.1)
    net-sftp (2.0.5)
      net-ssh (>= 2.0.9)
    net-ssh (2.6.2)
    net-ssh-gateway (1.1.0)
      net-ssh (>= 1.99.1)
    nokogiri (1.5.7)
    oauth (0.4.7)
    oauth2 (0.9.1)
      faraday (~> 0.8)
      httpauth (~> 0.1)
      jwt (~> 0.1.4)
      multi_json (~> 1.0)
      multi_xml (~> 0.5)
      rack (~> 1.2)
    orm_adapter (0.0.7)
    paperclip (2.8.0)
      activerecord (>= 2.3.0)
      activesupport (>= 2.3.2)
      cocaine (>= 0.0.2)
      mime-types
    pg (0.14.1)
    polyamorous (0.5.0)
      activerecord (~> 3.0)
    polyglot (0.3.3)
    pry (0.9.12)
      coderay (~> 1.0.5)
      method_source (~> 0.8)
      slop (~> 3.4)
    pry-rails (0.2.2)
      pry (>= 0.9.10)
    rabl (0.6.5)
      activesupport (>= 2.3.14)
      multi_json (~> 1.0)
    rack (1.4.5)
    rack-cache (1.2)
      rack (>= 0.4)
    rack-ssl (1.3.3)
      rack
    rack-test (0.6.2)
      rack (>= 1.0)
    rails (3.2.12)
      actionmailer (= 3.2.12)
      actionpack (= 3.2.12)
      activerecord (= 3.2.12)
      activeresource (= 3.2.12)
      activesupport (= 3.2.12)
      bundler (~> 1.0)
      railties (= 3.2.12)
    rails-i18n (0.7.2)
      i18n (~> 0.5)
    railties (3.2.12)
      actionpack (= 3.2.12)
      activesupport (= 3.2.12)
      rack-ssl (~> 1.3.2)
      rake (>= 0.8.7)
      rdoc (~> 3.4)
      thor (>= 0.14.6, < 2.0)
    raindrops (0.10.0)
    rake (10.0.3)
    ransack (0.6.0)
      actionpack (~> 3.0)
      activerecord (~> 3.0)
      polyamorous (~> 0.5.0)
    rdiscount (1.6.8)
    rdoc (3.12.2)
      json (~> 1.4)
    ref (1.0.2)
    roo (1.10.1)
      choice (>= 0.1.4)
      google-spreadsheet-ruby (>= 0.1.5)
      nokogiri (>= 1.5.0)
      rubyzip (>= 0.9.4)
      spreadsheet (> 0.6.4)
      todonotes (>= 0.1.0)
    ru_propisju (2.1.4)
    ruby-ole (1.2.11.6)
    rubyzip (0.9.9)
    russian (0.6.0)
      i18n (>= 0.5.0)
    sass (3.2.5)
    sass-rails (3.2.6)
      railties (~> 3.2.0)
      sass (>= 3.1.10)
      tilt (~> 1.3)
    slim (1.3.6)
      temple (~> 0.5.5)
      tilt (~> 1.3.3)
    slop (3.4.3)
    spreadsheet (0.8.1)
      ruby-ole (>= 1.0)
    spree (1.1.5)
      spree_api (= 1.1.5)
      spree_auth (= 1.1.5)
      spree_cmd (= 1.1.5)
      spree_core (= 1.1.5)
      spree_dash (= 1.1.5)
      spree_promo (= 1.1.5)
      spree_sample (= 1.1.5)
    spree_api (1.1.5)
      rabl (= 0.6.5)
      spree_auth (= 1.1.5)
      spree_core (= 1.1.5)
    spree_auth (1.1.5)
      cancan (= 1.6.7)
      devise (~> 2.0.0)
      spree_core (= 1.1.5)
    spree_cmd (1.1.5)
      thor (>= 0.14.6)
    spree_core (1.1.5)
      activemerchant (= 1.28.0)
      acts_as_list (= 0.1.4)
      aws-sdk (~> 1.3.4)
      deface (>= 0.9.0)
      ffaker (~> 1.12.0)
      highline (= 1.6.11)
      jquery-rails (~> 2.0)
      kaminari (= 0.13.0)
      money (= 5.0.0)
      nested_set (= 1.7.0)
      paperclip (~> 2.8)
      rails (~> 3.2.11)
      ransack (~> 0.6.0)
      state_machine (= 1.1.2)
      stringex (~> 1.3.2)
    spree_dash (1.1.5)
      httparty (~> 0.8.1)
      spree_auth (= 1.1.5)
      spree_core (= 1.1.5)
    spree_essentials (0.5.0)
      rdiscount (~> 1.6.8)
      spree_core (~> 1.1.0)
    spree_promo (1.1.5)
      spree_auth (= 1.1.5)
      spree_core (= 1.1.5)
    spree_sample (1.1.5)
      spree_core (= 1.1.5)
    sprockets (2.2.2)
      hike (~> 1.2)
      multi_json (~> 1.0)
      rack (~> 1.0)
      tilt (~> 1.1, != 1.3.0)
    state_machine (1.1.2)
    stringex (1.3.3)
    temple (0.5.5)
    therubyracer (0.11.1)
      libv8 (~> 3.11.8.7)
      ref
    thin (1.5.0)
      daemons (>= 1.0.9)
      eventmachine (>= 0.12.6)
      rack (>= 1.0.0)
    thor (0.17.0)
    tilt (1.3.6)
    tinymce-rails (3.5.8)
      railties (>= 3.1.1)
    tinymce-rails-langs (0.1)
      tinymce-rails (>= 3.4.9)
    todonotes (0.1.1)
      log4r
    treetop (1.4.12)
      polyglot
      polyglot (>= 0.3.1)
    tzinfo (0.3.37)
    uglifier (1.3.0)
      execjs (>= 0.3.0)
      multi_json (~> 1.0, >= 1.0.2)
    unicorn (4.5.0)
      kgio (~> 2.6)
      rack
      raindrops (~> 0.7)
    uuidtools (2.1.3)
    warden (1.1.1)
      rack (>= 1.0)

PLATFORMS
  ruby

DEPENDENCIES
  capistrano
  coffee-rails (~> 3.2.1)
  execjs
  haml!
  jquery-rails (~> 2.0.0)
  pg
  pry-rails
  rails (= 3.2.12)
  rails-i18n
  roo (= 1.10.1)
  russian (~> 0.6.0)
  sass-rails (~> 3.2.3)
  slim
  spree (= 1.1.5)
  spree_commentable!
  spree_essential_blog!
  spree_essential_cms!
  spree_essential_menus!
  spree_essentials (~> 0.5.0)
  spree_i18n!
  spree_related_products!
  spree_slider!
  synergy!
  therubyracer
  thin
  tinymce-rails (>= 3.4.7.0.1)
  tinymce-rails-langs
  uglifier (>= 1.0.3)
  unicorn
